PATH
  remote: .
  specs:
    bloomy (0.1.0)
      faraday
      thor

GEM
  remote: https://rubygems.org/
  specs:
    diff-lcs (1.5.1)
    faraday (2.9.1)
      faraday-net_http (>= 2.0, < 3.2)
    faraday-net_http (3.1.0)
      net-http
    net-http (0.4.1)
      uri
    rake (13.2.1)
    rspec (3.13.0)
      rspec-core (~> 3.13.0)
      rspec-expectations (~> 3.13.0)
      rspec-mocks (~> 3.13.0)
    rspec-core (3.13.0)
      rspec-support (~> 3.13.0)
    rspec-expectations (3.13.0)
      diff-lcs (>= 1.2.0, < 2.0)
      rspec-support (~> 3.13.0)
    rspec-mocks (3.13.1)
      diff-lcs (>= 1.2.0, < 2.0)
      rspec-support (~> 3.13.0)
    rspec-support (3.13.1)
    thor (1.3.1)
    uri (0.13.0)
    webrick (1.8.1)
    yard (0.9.36)

PLATFORMS
  arm64-darwin-23
  x86_64-darwin-22
  x86_64-linux

DEPENDENCIES
  bloomy!
  rake (~> 13.0)
  rspec
  webrick (~> 1.8)
  yard (~> 0.9.36)

BUNDLED WITH
   2.5.11
